GEM
  remote: http://rubygems.org/
  specs:
    haml (3.1.3)
    pg (0.10.0)
    rack (1.3.5)
    rack-flash3 (1.0.1)
      rack
      rack
    rack-protection (1.1.4)
      rack
    sequel (3.29.0)
    sinatra (1.3.1)
      rack (~> 1.3, >= 1.3.4)
      rack-protection (~> 1.1, >= 1.1.2)
      tilt (~> 1.3, >= 1.3.3)
    sqlite3 (1.3.4)
    sqlite3 (1.3.4-x86-mingw32)
    tilt (1.3.3)

PLATFORMS
  x86-mingw32

DEPENDENCIES
  haml
  pg (= 0.10.0)
  rack-flash3
  sequel
  sinatra
  sqlite3
